GEM
  remote: https://rubygems.org/
  specs:
    minitest (5.10.3)
    rake (12.3.2)

PLATFORMS
  ruby

DEPENDENCIES
  minitest
  rake (= 12.3.2)

BUNDLED WITH
   1.17.1
