GIT
  remote: https://github.com/lostisland/faraday.git
  revision: f4ae96ea9b7850f0c2bf03a101b0d0beda8a1049
  specs:
    faraday (1.0.0.pre.rc1)
      multipart-post (>= 1.2, < 3)

GEM
  remote: https://rubygems.org/
  specs:
    minitest (5.18.0)
    multipart-post (2.1.1)
    rake (12.3.3)

PLATFORMS
  ruby

DEPENDENCIES
  faraday!
  minitest
  rake (~> 12.3)

BUNDLED WITH
   1.17.3
